GEM
  remote: http://rubygems.org/
  specs:
    addressable (2.2.6)
    childprocess (0.3.0)
      ffi (~> 1.0.6)
    chunky_png (1.2.5)
    coffee-script (2.2.0)
      coffee-script-source
      execjs
    coffee-script-source (1.2.0)
    compass (0.11.7)
      chunky_png (~> 1.2)
      fssm (>= 0.2.7)
      sass (~> 3.1)
    configuration (1.3.1)
    diff-lcs (1.1.3)
    em-websocket (0.3.5)
      addressable (>= 2.1.1)
      eventmachine (>= 0.12.9)
    eventmachine (0.12.10)
    execjs (1.3.0)
      multi_json (~> 1.0)
    ffi (1.0.11)
    fssm (0.2.8.1)
    guard (0.10.0)
      ffi (>= 0.5.0)
      thor (~> 0.14.6)
    guard-bundler (0.1.3)
      bundler (>= 1.0.0)
      guard (>= 0.2.2)
    guard-coffeescript (0.5.2)
      coffee-script (>= 2.2.0)
      guard (>= 0.8.3)
    guard-compass (0.0.6)
      compass (>= 0.10.5)
      guard (>= 0.2.1)
    guard-haml (0.3.2)
      guard (>= 0.4)
      haml (>= 3.0)
    guard-jasmine (0.9.13)
      childprocess
      guard (>= 0.8.3)
      multi_json
      thor
    guard-jasmine-headless-webkit (0.3.2)
      guard (>= 0.4.0)
      jasmine-headless-webkit (>= 0.7.0)
    guard-jstd (0.1.2)
      guard (>= 0.3.0)
    guard-livereload (0.3.1)
      em-websocket (>= 0.2.0)
      guard (>= 0.4.0)
      multi_json (~> 1.0.3)
    guard-webrick (0.1.1)
      ffi (~> 1.0.7)
      guard (~> 0.3)
      launchy (~> 0.4.0)
      spoon (~> 0.0.1)
    haml (3.1.4)
    hike (1.2.1)
    jasmine (1.1.2)
      jasmine-core (>= 1.1.0)
      rack (>= 1.1)
      rspec (>= 1.3.1)
      selenium-webdriver (>= 0.1.3)
    jasmine-core (1.1.0)
    jasmine-headless-webkit (0.8.4)
      coffee-script
      jasmine-core (~> 1.1)
      multi_json
      rainbow
      sprockets (~> 2)
    kss (0.3.0)
    launchy (0.4.0)
      configuration (>= 0.0.5)
      rake (>= 0.8.1)
    multi_json (1.0.4)
    rack (1.4.0)
    rainbow (1.1.1)
    rake (0.9.2.2)
    rspec (2.8.0)
      rspec-core (~> 2.8.0)
      rspec-expectations (~> 2.8.0)
      rspec-mocks (~> 2.8.0)
    rspec-core (2.8.0)
    rspec-expectations (2.8.0)
      diff-lcs (~> 1.1.2)
    rspec-mocks (2.8.0)
    rubyzip (0.9.4)
    sass (3.1.15)
    sassy-buttons (0.0.5)
      compass (>= 0.11)
    selenium-webdriver (2.19.0)
      childprocess (>= 0.2.5)
      ffi (~> 1.0.9)
      multi_json (~> 1.0.4)
      rubyzip
    spoon (0.0.1)
    sprockets (2.3.0)
      hike (~> 1.2)
      multi_json (~> 1.0)
      rack (~> 1.0)
      tilt (~> 1.1, != 1.3.0)
    thor (0.14.6)
    tilt (1.3.3)

PLATFORMS
  ruby

DEPENDENCIES
  bundler
  coffee-script (= 2.2.0)
  compass
  guard
  guard-bundler
  guard-coffeescript
  guard-compass
  guard-haml
  guard-jasmine
  guard-jasmine-headless-webkit
  guard-jstd
  guard-livereload
  guard-webrick
  haml
  jasmine
  jasmine-headless-webkit
  kss (= 0.3.0)
  sass
  sassy-buttons (= 0.0.5)
